PATH
  remote: .
  specs:
    token_master (0.0.1)

GEM
  remote: https://rubygems.org/
  specs:
    minitest (5.10.1)
    rake (10.4.2)
    yard (0.9.8)

PLATFORMS
  ruby

DEPENDENCIES
  minitest (~> 5.10.1)
  rake (~> 10.4.2)
  token_master!
  yard

BUNDLED WITH
   1.14.5
