PATH
  remote: .
  specs:
    token_master (0.0.1)

GEM
  remote: https://rubygems.org/
  specs:

PLATFORMS
  ruby

DEPENDENCIES
  token_master!

BUNDLED WITH
   1.12.5
